GEM
  remote: http://rubygems.org/
  specs:
    railsless-deploy (1.0.2)
    rainbow (1.1.3)

PLATFORMS
  ruby

DEPENDENCIES
  railsless-deploy
  rainbow
